GEM
  remote: https://rubygems.org/
  specs:
    benchmark (= 0.1.0)
    bigdecimal (= 2.0.0)
    bundler (= 2.1.4)
    cgi (= 0.1.0)
    csv (= 3.1.2)
    date (= 3.0.0)
    dbm (= 1.1.0)
    delegate (= 0.1.0)
    did_you_mean (= 1.4.0)
    etc (= 1.1.0)
    fcntl (= 1.0.0)
    fiddle (= 1.0.0)
    fileutils (= 1.4.1)
    forwardable (= 1.3.1)
    gdbm (= 2.1.0)
    getoptlong (= 0.1.0)
    io-console (= 0.5.6)
    ipaddr (= 1.2.2)
    irb (= 1.2.6)
    json (= 2.3.0)
    logger (= 1.4.2)
    matrix (= 0.2.0)
    mime (0.4.4)
    mime-types (3.3.1)
    mime-types-data (3.2015.1120)
    mini_exiftool (2.9.0)
    minitest (5.13.0)
    mutex_m (= 0.1.0)
    net-http-digest_auth (1.4)
    net-pop (= 0.1.0)
    net-smtp (= 0.1.0)
    net-telnet (0.1.1)
    nokogiri (1.11.1)
    observer (= 0.1.0)
    open3 (= 0.1.0)
    openssl (= 2.1.2)
    ostruct (= 0.2.0)
    pkg-config (1.4.4)
    power_assert (1.1.7)
    prime (= 0.1.1)
    pstore (= 0.1.0)
    psych (= 3.1.0)
    racc (= 1.4.16)
    rake (13.0.3)
    rdoc (= 6.2.1.1)
    readline (= 0.0.2)
    readline-ext (= 0.1.0)
    reline (= 0.1.5)
    rexml (= 3.2.3.1)
    rss (= 0.2.8)
    rubygems-update (3.2.5)
    rubyzip (2.0.0)
    sdbm (= 1.0.0)
    singleton (= 0.1.0)
    spider (0.42)
    stringio (= 0.1.0)
    strscan (= 1.0.3)
    test-unit (3.3.9)
    timeout (= 0.1.0)
    tracer (= 0.1.0)
    uri (= 0.10.0)
    webrick (= 1.6.1)
    xmlrpc (0.3.0)
    yaml (= 0.1.0)
    zlib (= 1.1.0)
    fpm (1.14.2)


PLATFORMS
  ruby
